GIT
  remote: git://github.com/mitchellh/vagrant.git
  revision: db8e7a9c79b23264da129f55cf8569167fc22415
  tag: v1.3.3
  specs:
    vagrant (1.3.3)
      childprocess (~> 0.3.7)
      erubis (~> 2.7.0)
      i18n (~> 0.6.0)
      log4r (~> 1.1.9)
      net-scp (~> 1.1.0)
      net-ssh (~> 2.6.6)

GEM
  remote: http://rubygems.org/
  specs:
    childprocess (0.3.9)
      ffi (~> 1.0, >= 1.0.11)
    erubis (2.7.0)
    facter (1.7.3)
    ffi (1.9.0)
    hiera (1.2.1)
      json_pure
    i18n (0.6.5)
    json (1.8.0)
    json_pure (1.8.0)
    librarian-puppet (0.9.10)
      json
      thor (~> 0.15)
    log4r (1.1.10)
    net-scp (1.1.2)
      net-ssh (>= 2.6.5)
    net-ssh (2.6.8)
    puppet (3.3.0)
      facter (~> 1.6)
      hiera (~> 1.0)
      rgen (~> 0.6.5)
    rgen (0.6.6)
    thor (0.18.1)

PLATFORMS
  ruby

DEPENDENCIES
  librarian-puppet
  puppet
  vagrant!
