GEM
  remote: https://rubygems.org/
  specs:
    diff-lcs (1.2.5)
    facter (2.4.4)
    hiera (1.3.4)
      json_pure
    hiera-puppet-helper (1.0.1)
    json_pure (1.8.3)
    metaclass (0.0.4)
    mocha (1.1.0)
      metaclass (~> 0.0.1)
    puppet (3.8.4)
      facter (> 1.6, < 3)
      hiera (~> 1.0)
      json_pure
    puppet-lint (1.1.0)
    puppet-syntax (2.0.0)
      rake
    puppetlabs_spec_helper (0.10.3)
      mocha
      puppet-lint
      puppet-syntax
      rake
      rspec-puppet
    rake (10.4.2)
    rspec (2.99.0)
      rspec-core (~> 2.99.0)
      rspec-expectations (~> 2.99.0)
      rspec-mocks (~> 2.99.0)
    rspec-core (2.99.2)
    rspec-expectations (2.99.2)
      diff-lcs (>= 1.1.3, < 2.0)
    rspec-mocks (2.99.4)
    rspec-puppet (2.2.0)
      rspec

PLATFORMS
  ruby

DEPENDENCIES
  hiera-puppet-helper
  puppet (~> 3.8.0)
  puppet-lint
  puppet-syntax
  puppetlabs_spec_helper
  rake
  rspec
  rspec-puppet

BUNDLED WITH
   1.10.6
