GIT
  remote: https://github.com/rodjek/rspec-puppet.git
  revision: 2b09cd1a03e91824a820fb64361a0cf75e9b9445
  specs:
    rspec-puppet (2.2.1.pre)
      rspec

GEM
  remote: https://rubygems.org/
  specs:
    CFPropertyList (2.2.8)
    diff-lcs (1.2.5)
    facter (2.4.4)
      CFPropertyList (~> 2.2.6)
    hiera (1.3.4)
      json_pure
    hiera-puppet-helper (1.0.1)
    json_pure (1.8.3)
    metaclass (0.0.4)
    mocha (1.1.0)
      metaclass (~> 0.0.1)
    puppet (3.6.2)
      facter (> 1.6, < 3)
      hiera (~> 1.0)
      json_pure
      rgen (~> 0.6.5)
    puppet-lint (1.1.0)
    puppet-syntax (2.0.0)
      rake
    puppetlabs_spec_helper (0.10.3)
      mocha
      puppet-lint
      puppet-syntax
      rake
      rspec-puppet
    rake (10.4.2)
    rgen (0.6.6)
    rspec (2.99.0)
      rspec-core (~> 2.99.0)
      rspec-expectations (~> 2.99.0)
      rspec-mocks (~> 2.99.0)
    rspec-core (2.99.2)
    rspec-expectations (2.99.2)
      diff-lcs (>= 1.1.3, < 2.0)
    rspec-mocks (2.99.4)
    syck (1.0.5)

PLATFORMS
  ruby

DEPENDENCIES
  hiera-puppet-helper
  puppet (~> 3.6.1)
  puppet-lint
  puppet-syntax
  puppetlabs_spec_helper
  rspec (< 3.0.0)
  rspec-puppet!
  syck

BUNDLED WITH
   1.10.5
